GIT
  remote: git://github.com/wafcio/hobbit-contrib.git
  revision: 04ea7141251f45601a92078db99129f009bd98b0
  branch: 4_partial_subfolder
  specs:
    hobbit-contrib (0.6.0)
      hobbit

GEM
  remote: https://rubygems.org/
  specs:
    better_errors (1.1.0)
      coderay (>= 1.0.0)
      erubis (>= 2.6.6)
    coderay (1.1.0)
    daemons (1.1.9)
    erubis (2.7.0)
    eventmachine (1.0.3)
    execjs (2.2.1)
    haml (4.0.5)
      tilt
    hike (1.2.3)
    hobbit (0.6.0)
      rack
    i18n (0.6.11)
    json (1.8.1)
    mail (2.6.1)
      mime-types (>= 1.16, < 3)
    method_source (0.8.2)
    mime-types (2.3)
    minitest (5.4.0)
    multi_json (1.10.1)
    pony (1.10)
      mail (>= 2.0)
    pry (0.10.0)
      coderay (~> 1.1.0)
      method_source (~> 0.8.1)
      slop (~> 3.4)
    rack (1.5.2)
    rack-flash3 (1.0.5)
      rack
    rack-protection (1.5.3)
      rack
    rack-test (0.6.2)
      rack (>= 1.0)
    rake (10.3.2)
    sass (3.3.10)
    sequel (4.12.0)
    slop (3.5.0)
    sprockets (2.12.1)
      hike (~> 1.2)
      multi_json (~> 1.0)
      rack (~> 1.0)
      tilt (~> 1.1, != 1.3.0)
    sqlite3 (1.3.9)
    thin (1.6.2)
      daemons (>= 1.0.9)
      eventmachine (>= 1.0.0)
      rack (>= 1.0.0)
    tilt (1.3.7)
    uglifier (2.5.3)
      execjs (>= 0.3.0)
      json (>= 1.8.0)

PLATFORMS
  ruby

DEPENDENCIES
  better_errors
  haml
  hobbit
  hobbit-contrib!
  i18n
  minitest
  pony
  pry
  rack-flash3
  rack-protection
  rack-test
  rake
  sass
  sequel
  sprockets (~> 2.12.1)
  sqlite3
  thin
  tilt (~> 1.3.0)
  uglifier
